PATH
  remote: .
  specs:
    parsi-localize (0.3.2)
      i18n (~> 0.7)
      parsi-date (~> 0.2.2)
      parsi-digits (~> 0.3)

GEM
  remote: http://rubygems.org/
  specs:
    i18n (0.7.0)
    parsi-date (0.2.6)
    parsi-digits (0.3)
    rake (0.9.6)

PLATFORMS
  ruby

DEPENDENCIES
  bundler (~> 1.7)
  parsi-localize!
  rake (~> 0.9)
