PATH
  remote: .
  specs:
    parsi-localize (0.3)
      i18n
      parsi-date (>= 0.2.2)
      parsi-digits (>= 0.3)

GEM
  remote: http://rubygems.org/
  specs:
    i18n (0.6.1)
    parsi-date (0.2.2)
    parsi-digits (0.3)
    rake (0.9.2.2)

PLATFORMS
  ruby

DEPENDENCIES
  bundler
  parsi-localize!
  rake
